PATH
  remote: .
  specs:
    exhibit (0.1.4)

GEM
  remote: http://rubygems.org/
  specs:
    sqlite3 (1.3.4)

PLATFORMS
  ruby

DEPENDENCIES
  exhibit!
  sqlite3
